GEM
  remote: https://rubygems.org/
  specs:
    backports (3.6.6)
    bcrypt (3.1.10)
    bugsnag (2.8.12)
      json (~> 1.7, >= 1.7.7)
    daemons (1.2.3)
    dotenv (2.0.2)
    erubis (2.7.0)
    eventmachine (1.0.8)
    excon (0.45.4)
    httparty (0.13.7)
      json (~> 1.8)
      multi_xml (>= 0.5.2)
    json (1.8.3)
    mandrill-api (1.0.53)
      excon (>= 0.16.0, < 1.0)
      json (>= 1.7.7, < 2.0)
    mini_portile (0.6.2)
    multi_json (1.11.2)
    multi_xml (0.5.5)
    mysql2 (0.3.19)
    nokogiri (1.6.6.2)
      mini_portile (~> 0.6.0)
    rack (1.6.4)
    rack-protection (1.5.3)
      rack
    rack-test (0.6.3)
      rack (>= 1.0)
    rubyzip (1.1.7)
    sequel (4.25.0)
    sinatra (1.4.6)
      rack (~> 1.4)
      rack-protection (~> 1.4)
      tilt (>= 1.3, < 3)
    sinatra-contrib (1.4.6)
      backports (>= 2.0)
      multi_json
      rack-protection
      rack-test
      sinatra (~> 1.4.0)
      tilt (>= 1.3, < 3)
    sinatra-flash (0.3.0)
      sinatra (>= 1.0.0)
    thin (1.6.3)
      daemons (~> 1.0, >= 1.0.9)
      eventmachine (~> 1.0)
      rack (~> 1.0)
    tilt (2.0.1)

PLATFORMS
  ruby

DEPENDENCIES
  bcrypt
  bugsnag
  dotenv (~> 2.0.2)
  erubis
  httparty
  json
  mandrill-api
  mysql2
  nokogiri
  rubyzip
  sequel
  sinatra
  sinatra-contrib
  sinatra-flash
  thin

BUNDLED WITH
   1.13.6
