GEM
  remote: https://rubygems.org/
  specs:
    activemodel (5.1.4)
      activesupport (= 5.1.4)
    activesupport (5.1.4)
      concurrent-ruby (~> 1.0, >= 1.0.2)
      i18n (~> 0.7)
      minitest (~> 5.1)
      tzinfo (~> 1.1)
    addressable (2.5.2)
      public_suffix (>= 2.0.2, < 4.0)
    aws-ses (0.6.0)
      builder
      mail (> 2.2.5)
      mime-types
      xml-simple
    backports (3.8.0)
    bcrypt (3.1.11)
    bugsnag (5.3.3)
    builder (3.2.3)
    carrierwave (1.1.0)
      activemodel (>= 4.0.0)
      activesupport (>= 4.0.0)
      mime-types (>= 1.16)
    carrierwave-sequel (0.1.1)
      carrierwave
      sequel
    concurrent-ruby (1.0.5)
    connection_pool (2.2.1)
    css_parser (1.7.0)
      addressable
    daemons (1.2.4)
    dotenv (2.7.2)
    erubis (2.7.0)
    eventmachine (1.2.5)
    faraday (0.13.1)
      multipart-post (>= 1.2, < 3)
    httparty (0.15.6)
      multi_xml (>= 0.5.2)
    i18n (0.8.6)
    json (1.8.6)
    koala (3.0.0)
      addressable
      faraday
      json (>= 1.8)
    kramdown (2.1.0)
    liquid (4.0.3)
    mail (2.7.1)
      mini_mime (>= 0.1.1)
    mime-types (3.2.2)
      mime-types-data (~> 3.2015)
    mime-types-data (3.2019.0331)
    mini_magick (4.2.10)
    mini_mime (1.0.1)
    mini_portile2 (2.3.0)
    minitest (5.10.3)
    multi_json (1.12.2)
    multi_xml (0.6.0)
    multipart-post (2.0.0)
    mustermann (1.0.1)
    mysql2 (0.5.2)
    nokogiri (1.8.1)
      mini_portile2 (~> 2.3.0)
    oauth (0.5.3)
    public_suffix (3.0.0)
    rack (2.0.3)
    rack-protection (2.0.0)
      rack
    rake (12.1.0)
    redis (3.3.3)
    roadie (3.5.0)
      css_parser (~> 1.4)
      nokogiri (~> 1.8)
    rubyzip (1.2.1)
    sequel (5.19.0)
    sidekiq (5.0.4)
      concurrent-ruby (~> 1.0)
      connection_pool (~> 2.2, >= 2.2.0)
      rack-protection (>= 1.5.0)
      redis (~> 3.3, >= 3.3.3)
    sinatra (2.0.0)
      mustermann (~> 1.0)
      rack (~> 2.0)
      rack-protection (= 2.0.0)
      tilt (~> 2.0)
    sinatra-contrib (2.0.0)
      backports (>= 2.0)
      multi_json
      mustermann (~> 1.0)
      rack-protection (= 2.0.0)
      sinatra (= 2.0.0)
      tilt (>= 1.3, < 3)
    sinatra-flash (0.3.0)
      sinatra (>= 1.0.0)
    thin (1.7.2)
      daemons (~> 1.0, >= 1.0.9)
      eventmachine (~> 1.0, >= 1.0.4)
      rack (>= 1, < 3)
    thread_safe (0.3.6)
    tilt (2.0.8)
    twitter_oauth (0.4.94)
      json (>= 1.8.0)
      mime-types (>= 1.16)
      oauth (>= 0.4.7)
    tzinfo (1.2.3)
      thread_safe (~> 0.1)
    xml-simple (1.1.5)

PLATFORMS
  ruby

DEPENDENCIES
  aws-ses
  bcrypt
  bugsnag
  carrierwave
  carrierwave-sequel
  dotenv (~> 2.7.2)
  erubis
  httparty
  json
  koala
  kramdown
  liquid
  mini_magick (~> 4.2.10)
  mysql2
  nokogiri
  rake
  roadie (~> 3.4)
  rubyzip
  sequel
  sidekiq
  sinatra
  sinatra-contrib
  sinatra-flash
  thin
  twitter_oauth
  tzinfo

BUNDLED WITH
   1.16.3
